PATH
  remote: .
  specs:
    genit (2.1)
      bluecloth (>= 2.1.0)
      clamp (>= 0.2.2)
      haml (>= 4.0.1)
      nokogiri (>= 1.4.6)
      sass (>= 3.2.7)

GEM
  remote: https://rubygems.org/
  specs:
    bluecloth (2.2.0)
    clamp (0.5.1)
    diff-lcs (1.1.3)
    haml (4.0.2)
      tilt
    nokogiri (1.5.9)
    rake (10.0.4)
    rspec (2.12.0)
      rspec-core (~> 2.12.0)
      rspec-expectations (~> 2.12.0)
      rspec-mocks (~> 2.12.0)
    rspec-core (2.12.2)
    rspec-expectations (2.12.1)
      diff-lcs (~> 1.1.3)
    rspec-mocks (2.12.2)
    sass (3.2.7)
    tilt (1.3.7)

PLATFORMS
  ruby

DEPENDENCIES
  genit!
  rake
  rspec
