PATH
  remote: .
  specs:
    genit (2.1)
      bluecloth (>= 2.1.0)
      clamp (>= 0.2.2)
      haml (>= 4.0.1)
      nokogiri (>= 1.4.6)
      sass (>= 3.2.7)

GEM
  remote: https://rubygems.org/
  specs:
    bluecloth (2.2.0)
    clamp (0.5.1)
    haml (4.0.2)
      tilt
    nokogiri (1.5.9)
    sass (3.2.7)
    tilt (1.3.7)

PLATFORMS
  ruby

DEPENDENCIES
  genit!
